GIT
  remote: https://github.com/rubysec/bundler-audit
  revision: 0961853eac0e64da45b4276b0a6408469964d099
  specs:
    bundler-audit (0.5.0)
      bundler (~> 1.2)
      thor (~> 0.18)

GIT
  remote: https://github.com/wconrad/usps_intelligent_barcode
  revision: 7fab296d1221c85bb3cbae43987984194775f3ad
  specs:
    USPS-intelligent-barcode (0.2.7)
      andand (~> 1.3.3)
      memoizer (~> 1.0.1)

PATH
  remote: .
  specs:
    usps (0.1)
      nokogiri
      nori

GEM
  remote: https://rubygems.org/
  specs:
    andand (1.3.3)
    ast (2.2.0)
    memoizer (1.0.1)
    mini_portile2 (2.0.0)
    nokogiri (1.6.7.2)
      mini_portile2 (~> 2.0.0.rc2)
    nori (2.6.0)
    parser (2.3.0.6)
      ast (~> 2.2)
    powerpack (0.1.1)
    rainbow (2.1.0)
    rake (11.1.1)
    rubocop (0.36.0)
      parser (>= 2.3.0.0, < 3.0)
      powerpack (~> 0.1)
      rainbow (>= 1.99.1, < 3.0)
      ruby-progressbar (~> 1.7)
    ruby-progressbar (1.7.5)
    thor (0.19.1)

PLATFORMS
  ruby

DEPENDENCIES
  USPS-intelligent-barcode!
  bundler-audit!
  rake
  rubocop (~> 0.36.0)
  usps!

BUNDLED WITH
   1.11.2
